GEM
  remote: http://rubygems.org/
  specs:
    addressable (2.2.6)
    builder (3.0.0)
    chunky_png (1.2.5)
    compass (0.11.5)
      chunky_png (~> 1.2)
      fssm (>= 0.2.7)
      sass (~> 3.1)
    cookiejar (0.3.0)
    daemons (1.1.4)
    em-hiredis (0.1.0)
      hiredis (~> 0.3.0)
    em-http-request (0.3.0)
      addressable (>= 2.0.0)
      escape_utils
      eventmachine (>= 0.12.9)
    escape_utils (0.2.4)
    eventmachine (0.12.10)
    faye (0.7.1)
      cookiejar (>= 0.3.0)
      em-hiredis (>= 0.0.1)
      em-http-request (~> 0.3)
      eventmachine (~> 0.12.0)
      json (>= 1.0)
      rack (>= 1.0)
      thin (~> 1.2)
    ffi (1.0.11)
    fssm (0.2.7)
    hallon (0.12.0)
      ref (~> 1.0)
      spotify (~> 10.3.0)
    hiredis (0.3.2)
    json (1.6.5)
    jwt (0.1.4)
      json (>= 1.2.4)
    multi_json (1.0.4)
    rack (1.4.1)
    rack-protection (1.2.0)
      rack
    rack-test (0.6.1)
      rack (>= 1.0)
    racksh (0.9.10)
      rack (>= 1.0)
      rack-test (>= 0.5)
    ref (1.0.0)
    sass (3.1.13)
    sinatra (1.3.2)
      rack (>= 1.3.6, ~> 1.3)
      rack-protection (~> 1.2)
      tilt (>= 1.3.3, ~> 1.3)
    spotify (10.3.0)
      ffi (>= 1.0.11, ~> 1.0)
    thin (1.2.11)
      daemons (>= 1.0.9)
      eventmachine (>= 0.12.6)
      rack (>= 1.0.0)
    tilt (1.3.3)
    twilio-ruby (3.5.1)
      builder (>= 2.1.2)
      jwt (>= 0.1.2)
      multi_json (>= 1.0.3)

PLATFORMS
  ruby

DEPENDENCIES
  compass
  faye
  hallon
  racksh
  sinatra (= 1.3.2)
  thin
  twilio-ruby
